GEM
  remote: http://rubygems.org/
  specs:
    CFPropertyList (2.2.8)
    amq-protocol (2.0.0)
    bunny (2.1.0)
      amq-protocol (>= 2.0.0)
    facter (2.4.4)
      CFPropertyList (~> 2.2.6)

PLATFORMS
  ruby

DEPENDENCIES
  bunny
  facter

BUNDLED WITH
   2.1.4
